GEM
  remote: https://rubygems.org/
  specs:
    mysql2 (0.4.8)
    mysql2 (0.4.8-x64-mingw32)

PLATFORMS
  ruby
  x64-mingw32

DEPENDENCIES
  mysql2 (~> 0.4.4)

BUNDLED WITH
   1.15.3
